GEM
  remote: https://rubygems.org/
  specs:
    faraday (0.17.3)
      multipart-post (>= 1.2, < 3)
    faraday_middleware (0.13.1)
      faraday (>= 0.7.4, < 1.0)
    fluent-logger (0.8.2)
      msgpack (>= 1.0.0, < 2)
    mini_portile2 (2.8.0)
    msgpack (1.3.1)
    multi_xml (0.6.0)
    multipart-post (2.1.1)
    nokogiri (1.13.4)
      mini_portile2 (~> 2.8.0)
      racc (~> 1.4)
    racc (1.6.0)
    redis (4.1.3)
    syoboi_calendar (0.9.4)
      faraday
      faraday_middleware
      multi_xml

PLATFORMS
  ruby

DEPENDENCIES
  fluent-logger
  nokogiri
  redis
  syoboi_calendar

BUNDLED WITH
   2.1.4
